GEM
  remote: https://rubygems.org/
  specs:
    base64 (0.2.0)
    bcrypt_pbkdf (1.1.1)
    capistrano (3.4.0)
      i18n
      rake (>= 10.0.0)
      sshkit (~> 1.3)
    capistrano-bundler (1.6.0)
      capistrano (~> 3.1)
    capistrano-rails (1.1.6)
      capistrano (~> 3.1)
      capistrano-bundler (~> 1.1)
    capistrano-rbenv (2.1.1)
      capistrano (~> 3.1)
      sshkit (~> 1.3)
    concurrent-ruby (1.3.5)
    ed25519 (1.3.0)
    i18n (1.14.7)
      concurrent-ruby (~> 1.0)
    logger (1.6.6)
    net-scp (4.1.0)
      net-ssh (>= 2.6.5, < 8.0.0)
    net-sftp (4.0.0)
      net-ssh (>= 5.0.0, < 8.0.0)
    net-ssh (7.3.0)
    ostruct (0.6.1)
    rake (13.2.1)
    sshkit (1.24.0)
      base64
      logger
      net-scp (>= 1.1.2)
      net-sftp (>= 2.1.2)
      net-ssh (>= 2.8.0)
      ostruct

PLATFORMS
  x64-mingw-ucrt

DEPENDENCIES
  bcrypt_pbkdf (~> 1)
  capistrano (= 3.4.0)
  capistrano-rails (= 1.1.6)
  capistrano-rbenv (= 2.1.1)
  ed25519 (~> 1.2)

RUBY VERSION
   ruby 3.4.2p28

BUNDLED WITH
   2.6.5
